GEM
  remote: https://rubygems.org/
  specs:
    aws_cf_signer (0.1.3)
    cloudinary (1.29.0)
      aws_cf_signer
      rest-client (>= 2.0.0)
    domain_name (0.6.20240107)
    http-accept (1.7.0)
    http-cookie (1.0.5)
      domain_name (~> 0.5)
    mime-types (3.5.2)
      mime-types-data (~> 3.2015)
    mime-types-data (3.2024.0305)
    netrc (0.11.0)
    rest-client (2.1.0)
      http-accept (>= 1.7.0, < 2.0)
      http-cookie (>= 1.0.2, < 2.0)
      mime-types (>= 1.16, < 4.0)
      netrc (~> 0.8)

PLATFORMS
  arm64-darwin-23
  x86_64-linux

DEPENDENCIES
  cloudinary

BUNDLED WITH
   2.4.10
